PATH
  remote: .
  specs:
    digitalocean_cli (0.0.1)
      awesome_print
      colombo (= 0.0.5)
      gli (= 2.7.0)

GEM
  remote: https://rubygems.org/
  specs:
    awesome_print (1.1.0)
    colombo (0.0.5)
      json (~> 1.8.0)
      rest-client (~> 1.6.7)
    gli (2.7.0)
    json (1.8.0)
    mime-types (1.24)
    rake (10.1.0)
    rdoc (4.0.1)
      json (~> 1.4)
    rest-client (1.6.7)
      mime-types (>= 1.16)

PLATFORMS
  ruby

DEPENDENCIES
  digitalocean_cli!
  rake
  rdoc
